GEM
  remote: http://rubygems.org/
  specs:
    columnize (0.3.6)
    debugger (1.2.0)
      columnize (>= 0.3.1)
      debugger-linecache (~> 1.1.1)
      debugger-ruby_core_source (~> 1.1.3)
    debugger-linecache (1.1.2)
      debugger-ruby_core_source (>= 1.1.1)
    debugger-ruby_core_source (1.1.3)
    httparty (0.9.0)
      multi_json (~> 1.0)
      multi_xml
    multi_json (1.5.0)
    multi_xml (0.5.1)
    nokogiri (1.5.5)

PLATFORMS
  ruby

DEPENDENCIES
  debugger
  httparty
  nokogiri
